GEM
  remote: https://rubygems.org/
  specs:
    armor (0.0.3)
    clap (1.0.0)
    cuba (3.4.0)
      rack
    cuba-contrib (3.1.0)
      cuba (~> 3.1)
    hiredis (0.6.1)
    kuvert (0.0.2)
      mime-types (~> 2.4)
    malone (1.1.0)
      kuvert (~> 0.0)
    mime-types (2.99.1)
    mote (1.1.4)
    msgpack (0.5.12)
    newrelic_rpm (3.12.1.298)
    nido (1.0.0)
    nobi (0.0.1)
    ohm (2.2.1)
      msgpack (~> 0.5.0)
      nido
      redic
      stal
    ohm-contrib (2.2.0)
      ohm (~> 2.2)
    ost (1.0.0)
      nido
      redic
    ost-bin (0.0.3)
      clap
      ost
    rack (2.2.2)
    rack-protection (1.5.5)
      rack
    redic (1.5.0)
      hiredis
    scrivener (1.0.0)
    shield (2.1.1)
      armor
    stal (0.1.0)
      redic

PLATFORMS
  ruby

DEPENDENCIES
  cuba (= 3.4.0)
  cuba-contrib (= 3.1.0)
  malone (= 1.1.0)
  mote (= 1.1.4)
  newrelic_rpm (= 3.12.1.298)
  nobi (= 0.0.1)
  ohm (= 2.2.1)
  ohm-contrib (= 2.2.0)
  ost (= 1.0.0)
  ost-bin (= 0.0.3)
  rack-protection (= 1.5.5)
  scrivener (= 1.0.0)
  shield (= 2.1.1)

BUNDLED WITH
   1.11.2
